GEM
  remote: https://rubygems.org/
  specs:
    cpf_cnpj (1.0.1)

PLATFORMS
  ruby
  x86_64-linux

DEPENDENCIES
  cpf_cnpj

BUNDLED WITH
   2.5.9
